GEM
  remote: https://rubygems.org/
  specs:
    faraday (0.9.2)
      multipart-post (>= 1.2, < 3)
    json (1.8.3)
    multipart-post (2.0.0)
    oj (2.15.0)

PLATFORMS
  ruby

DEPENDENCIES
  bundler
  faraday
  json
  oj

BUNDLED WITH
   1.11.2
